GEM
  specs:
    activerecord (2.3.10)
      activesupport (= 2.3.10)
    activesupport (2.3.10)
    columnize (0.3.1)
    linecache (0.43)
    mysql (2.8.1)
    narray (0.5.9.7)
    rake (0.8.7)
    rspec (1.3.1)
    ruby-debug (0.10.3)
      columnize (>= 0.1)
      ruby-debug-base (~> 0.10.3.0)
    ruby-debug-base (0.10.3)
      linecache (>= 0.3)
    sqlite3-ruby (1.3.0)

PLATFORMS
  ruby

DEPENDENCIES
  activerecord (= 2.3.10)
  mysql
  narray
  rake
  rspec
  ruby-debug
  sqlite3-ruby
