GEM
  specs:
    activerecord (2.3.10)
      activesupport (= 2.3.10)
    activesupport (2.3.10)
    mysql (2.8.1)
    narray (0.5.9.7)
    rake (0.8.7)
    rspec (1.3.1)
    sqlite3-ruby (1.3.0)

PLATFORMS
  ruby

DEPENDENCIES
  activerecord (= 2.3.10)
  mysql
  narray
  rake
  rspec
  sqlite3-ruby
